PATH
  remote: .
  specs:
    gnomikologikon-fortune (1.0.2)
      httparty
      nokogiri (~> 1.10)
      ruby-progressbar

GEM
  remote: https://rubygems.org/
  specs:
    ast (2.4.1)
    httparty (0.18.1)
      mime-types (~> 3.0)
      multi_xml (>= 0.5.2)
    mime-types (3.3.1)
      mime-types-data (~> 3.2015)
    mime-types-data (3.2020.1104)
    minitest (5.14.3)
    multi_xml (0.6.0)
    nokogiri (1.11.1-x86_64-linux)
      racc (~> 1.4)
    parallel (1.20.1)
    parser (3.0.0.0)
      ast (~> 2.4.1)
    racc (1.5.2)
    rainbow (3.0.0)
    rake (13.0.3)
    rdoc (6.3.0)
    regexp_parser (2.0.3)
    rexml (3.2.4)
    rubocop (1.8.1)
      parallel (~> 1.10)
      parser (>= 3.0.0.0)
      rainbow (>= 2.2.2, < 4.0)
      regexp_parser (>= 1.8, < 3.0)
      rexml
      rubocop-ast (>= 1.2.0, < 2.0)
      ruby-progressbar (~> 1.7)
      unicode-display_width (>= 1.4.0, < 3.0)
    rubocop-ast (1.4.0)
      parser (>= 2.7.1.5)
    ruby-progressbar (1.11.0)
    unicode-display_width (2.0.0)

PLATFORMS
  x86_64-linux

DEPENDENCIES
  gnomikologikon-fortune!
  minitest (~> 5.0)
  rake (~> 13.0)
  rdoc
  rubocop (~> 1.7)

BUNDLED WITH
   2.2.5
